PATH
  remote: .
  specs:
    lemonade (1.0.0.beta.1)
      chunky_png (~> 0.9.0)
      haml (~> 3.0.0)

GEM
  remote: http://rubygems.org/
  specs:
    chunky_png (0.9.0)
    haml (3.0.16)
    rake (0.8.7)
    rspec (1.3.0)

PLATFORMS
  ruby

DEPENDENCIES
  chunky_png (~> 0.9.0)
  haml (~> 3.0.0)
  lemonade!
  rake (~> 0.8.7)
  rspec (~> 1.3.0)
