PATH
  remote: .
  specs:
    lemonade (1.0.0.beta.1)
      haml (~> 3.0.0)
      oily_png (~> 1.0.0.rc2)

GEM
  remote: http://rubygems.org/
  specs:
    chunky_png (1.0.0.rc2)
    haml (3.0.25)
    oily_png (1.0.0.rc2)
      chunky_png (~> 1.0.0.beta1)
    rake (0.8.7)
    rspec (1.3.0)

PLATFORMS
  ruby

DEPENDENCIES
  lemonade!
  rake (~> 0.8.7)
  rspec (~> 1.3.0)
